GEM
  remote: https://rubygems.org/
  specs:
    activemodel (6.1.3)
      activesupport (= 6.1.3)
    activerecord (6.1.3)
      activemodel (= 6.1.3)
      activesupport (= 6.1.3)
    activesupport (6.1.3)
      concurrent-ruby (~> 1.0, >= 1.0.2)
      i18n (>= 1.6, < 2)
      minitest (>= 5.1)
      tzinfo (~> 2.0)
      zeitwerk (~> 2.3)
    concurrent-ruby (1.1.8)
    faraday (0.15.4)
      multipart-post (>= 1.2, < 3)
    i18n (1.8.9)
      concurrent-ruby (~> 1.0)
    json (1.8.6)
    minitest (5.14.4)
    multi_json (1.15.0)
    multipart-post (2.1.1)
    mustermann (1.1.1)
      ruby2_keywords (~> 0.0.1)
    rack (2.2.3)
    rack-protection (2.2.0)
      rack
    rake (12.3.2)
    ruby2_keywords (0.0.5)
    sinatra (2.2.0)
      mustermann (~> 1.0)
      rack (~> 2.2)
      rack-protection (= 2.2.0)
      tilt (~> 2.0)
    sinatra-activerecord (2.0.13)
      activerecord (>= 3.2)
      sinatra (>= 1.0)
    sinatra-contrib (2.2.0)
      multi_json
      mustermann (~> 1.0)
      rack-protection (= 2.2.0)
      sinatra (= 2.2.0)
      tilt (~> 2.0)
    sinatra-reloader (1.0)
      sinatra-contrib
    sqlite3 (1.4.1)
    steam-api (1.1.0)
      faraday (~> 0.9)
      json (~> 1.7, >= 1.7.7)
      multi_json (~> 1.7, >= 1.7.7)
    tilt (2.0.10)
    tzinfo (2.0.4)
      concurrent-ruby (~> 1.0)
    zeitwerk (2.4.2)

PLATFORMS
  ruby

DEPENDENCIES
  rake
  sinatra
  sinatra-activerecord
  sinatra-reloader
  sqlite3
  steam-api

BUNDLED WITH
   2.0.2
